GEM
  remote: https://rubygems.org/
  specs:
    newrelic_rpm (3.18.1.330)
    pg (0.19.0)
    rack (1.6.4)
    rack-protection (1.5.3)
      rack
    sinatra (1.4.6)
      rack (~> 1.4)
      rack-protection (~> 1.4)
      tilt (>= 1.3, < 3)
    sqlite3 (1.3.13)
    tilt (2.0.6)

PLATFORMS
  ruby

DEPENDENCIES
  newrelic_rpm
  pg
  sinatra
  sqlite3

BUNDLED WITH
   1.10.6
