GEM
  remote: https://rubygems.org/
  specs:
    concurrent-ruby (1.0.4)
    execjs (2.7.0)
    json (2.0.3)
    newrelic_rpm (3.18.1.330)
    pg (0.19.0)
    rack (1.6.4)
    rack-protection (1.5.3)
      rack
    shotgun (0.9.2)
      rack (>= 1.0)
    sinatra (1.4.6)
      rack (~> 1.4)
      rack-protection (~> 1.4)
      tilt (>= 1.3, < 3)
    sprockets (3.7.1)
      concurrent-ruby (~> 1.0)
      rack (> 1, < 3)
    sqlite3 (1.3.13)
    tilt (2.0.6)
    uglifier (2.7.2)
      execjs (>= 0.3.0)
      json (>= 1.8.0)

PLATFORMS
  ruby

DEPENDENCIES
  newrelic_rpm
  pg
  shotgun
  sinatra
  sprockets
  sqlite3
  uglifier

BUNDLED WITH
   1.10.6
